GEM
  remote: https://rubygems.org/
  specs:
    diff-lcs (1.5.1)
    nokogiri (1.16.2-x86_64-darwin)
      racc (~> 1.4)
    racc (1.7.3)
    rack (2.2.8.1)
    rspec (3.13.0)
      rspec-core (~> 3.13.0)
      rspec-expectations (~> 3.13.0)
      rspec-mocks (~> 3.13.0)
    rspec-core (3.13.0)
      rspec-support (~> 3.13.0)
    rspec-expectations (3.13.0)
      diff-lcs (>= 1.2.0, < 2.0)
      rspec-support (~> 3.13.0)
    rspec-mocks (3.13.0)
      diff-lcs (>= 1.2.0, < 2.0)
      rspec-support (~> 3.13.0)
    rspec-support (3.13.1)

PLATFORMS
  x86_64-darwin-22

DEPENDENCIES
  nokogiri
  rack (~> 2.2.4)
  rspec

BUNDLED WITH
   2.3.26
